GEM
  remote: https://rubygems.org/
  specs:
    activemodel (3.2.16)
      activesupport (= 3.2.16)
      builder (~> 3.0.0)
    activesupport (3.2.16)
      i18n (~> 0.6, >= 0.6.4)
      multi_json (~> 1.0)
    awesome_print (1.2.0)
    binding_of_caller (0.7.2)
      debug_inspector (>= 0.0.1)
    bson (1.9.2)
    bson_ext (1.9.2)
      bson (~> 1.9.2)
    builder (3.0.4)
    byebug (2.5.0)
      columnize (~> 0.3.6)
      debugger-linecache (~> 1.2.0)
    coderay (1.1.0)
    columnize (0.3.6)
    debug_inspector (0.0.2)
    debugger-linecache (1.2.0)
    i18n (0.6.9)
    libv8 (3.16.14.3)
    method_source (0.8.2)
    mini_portile (0.5.2)
    mongoid (3.1.6)
      activemodel (~> 3.2)
      moped (~> 1.4)
      origin (~> 1.0)
      tzinfo (~> 0.3.29)
    moped (1.5.1)
    multi_json (1.8.2)
    nokogiri (1.6.1)
      mini_portile (~> 0.5.0)
    origin (1.1.0)
    pg (0.17.1)
    pry (0.9.12.4)
      coderay (~> 1.0)
      method_source (~> 0.8)
      slop (~> 3.4)
    pry-byebug (1.2.0)
      byebug (~> 2.2)
      pry (~> 0.9.12)
    pry-stack_explorer (0.4.9.1)
      binding_of_caller (>= 0.7)
      pry (>= 0.9.11)
    rake (10.1.1)
    ref (1.0.5)
    ruby-graphviz (1.0.9)
    ruby-prof (0.13.1)
    slop (3.4.7)
    sqlite3 (1.3.8)
    therubyracer (0.12.0)
      libv8 (~> 3.16.14.0)
      ref
    thor (0.18.1)
    tzinfo (0.3.38)
    yajl-ruby (1.2.0)

PLATFORMS
  ruby

DEPENDENCIES
  awesome_print
  bson_ext
  mongoid
  nokogiri
  pg
  pry
  pry-byebug
  pry-stack_explorer
  rake
  ruby-graphviz
  ruby-prof
  sqlite3
  therubyracer
  thor
  yajl-ruby
